GIT
  remote: https://github.com/janicky/fifteen-puzzle-solver
  revision: e570fc033af99c9e37b7e4176596d466b26e33cd
  specs:
    fifteen-puzzle-solver (0.1.0)

GEM
  remote: https://rubygems.org/
  specs:
    ast (2.4.0)
    colorize (0.8.1)
    jaro_winkler (1.5.2)
    parallel (1.12.1)
    parser (2.5.3.0)
      ast (~> 2.4.0)
    powerpack (0.1.2)
    rainbow (3.0.0)
    rubocop (0.62.0)
      jaro_winkler (~> 1.5.1)
      parallel (~> 1.10)
      parser (>= 2.5, != 2.5.1.1)
      powerpack (~> 0.1)
      rainbow (>= 2.2.2, < 4.0)
      ruby-progressbar (~> 1.7)
      unicode-display_width (~> 1.4.0)
    ruby-progressbar (1.10.0)
    unicode-display_width (1.4.1)

PLATFORMS
  ruby

DEPENDENCIES
  colorize (~> 0.8.1)
  fifteen-puzzle-solver!
  rubocop (~> 0.62.0)

BUNDLED WITH
   1.16.2
